GEM
  remote: https://rubygems.org/
  specs:
    ansi (1.4.3)
    capybara (1.1.4)
      mime-types (>= 1.16)
      nokogiri (>= 1.3.3)
      rack (>= 1.0.0)
      rack-test (>= 0.5.4)
      selenium-webdriver (~> 2.0)
      xpath (~> 0.1.4)
    childprocess (0.3.9)
      ffi (~> 1.0, >= 1.0.11)
    coderay (1.0.8)
    cuba (3.1.0)
      rack
    cuba-contrib (3.1.0)
      cuba (~> 3.1)
    ffi (1.7.0)
    method_source (0.8.1)
    mime-types (1.22)
    mote (1.1.2)
    multi_json (1.7.2)
    nest (1.1.2)
      redis
    nokogiri (1.5.9)
    ohm (1.3.2)
      nest (~> 1.0)
      redis
      scrivener (~> 0.0.3)
    pbkdf2 (0.1.0)
    pry (0.9.12)
      coderay (~> 1.0.5)
      method_source (~> 0.8)
      slop (~> 3.4)
    rack (1.5.2)
    rack-protection (1.5.0)
      rack
    rack-test (0.6.2)
      rack (>= 1.0)
    redis (3.0.4)
    rubyzip (0.9.9)
    scrivener (0.0.3)
    selenium-webdriver (2.31.0)
      childprocess (>= 0.2.5)
      multi_json (~> 1.0)
      rubyzip
      websocket (~> 1.0.4)
    shield (1.0.0)
      pbkdf2
    slop (3.4.3)
    turn (0.9.6)
      ansi
    websocket (1.0.7)
    xpath (0.1.4)
      nokogiri (~> 1.3)

PLATFORMS
  ruby

DEPENDENCIES
  capybara (= 1.1.4)
  cuba (= 3.1.0)
  cuba-contrib (= 3.1.0)
  mote (= 1.1.2)
  ohm (= 1.3.2)
  pry
  rack-protection (= 1.5.0)
  shield (= 1.0.0)
  turn (= 0.9.6)
